PATH
  remote: .
  specs:
    honest_renter (0.0.0)
      faraday (~> 0.9)

GEM
  remote: https://rubygems.org/
  specs:
    faraday (0.9.2)
      multipart-post (>= 1.2, < 3)
    multipart-post (2.0.0)
    rake (10.5.0)

PLATFORMS
  ruby

DEPENDENCIES
  bundler (~> 1.3)
  honest_renter!
  rake (~> 10)

BUNDLED WITH
   1.11.2
