PATH
  remote: .
  specs:
    honest_renter (0.0.0)
      faraday (~> 0.9)

GEM
  remote: https://rubygems.org/
  specs:
    diff-lcs (1.2.5)
    faraday (0.9.2)
      multipart-post (>= 1.2, < 3)
    minitest (4.3.2)
    multipart-post (2.0.0)
    rake (10.5.0)
    rspec-mocks (3.4.1)
      diff-lcs (>= 1.2.0, < 2.0)
      rspec-support (~> 3.4.0)
    rspec-support (3.4.1)

PLATFORMS
  ruby

DEPENDENCIES
  bundler (~> 1.3)
  honest_renter!
  minitest (= 4.3.2)
  rake (~> 10)
  rspec-mocks (~> 3)

BUNDLED WITH
   1.11.2
