PATH
  remote: .
  specs:
    honest_renter (0.0.0)

GEM
  remote: https://rubygems.org/
  specs:
    rake (10.5.0)

PLATFORMS
  ruby

DEPENDENCIES
  bundler (~> 1.3)
  honest_renter!
  rake (~> 10)

BUNDLED WITH
   1.11.2
