PATH
  remote: .
  specs:
    honest_renter (0.0.0)
      faraday (~> 0.9)

GEM
  remote: https://rubygems.org/
  specs:
    addressable (2.4.0)
    crack (0.4.3)
      safe_yaml (~> 1.0.0)
    diff-lcs (1.2.5)
    faraday (0.9.2)
      multipart-post (>= 1.2, < 3)
    hashdiff (0.3.0)
    minitest (4.3.2)
    multipart-post (2.0.0)
    rake (10.5.0)
    rspec-mocks (3.4.1)
      diff-lcs (>= 1.2.0, < 2.0)
      rspec-support (~> 3.4.0)
    rspec-support (3.4.1)
    safe_yaml (1.0.4)
    webmock (1.24.2)
      addressable (>= 2.3.6)
      crack (>= 0.3.2)
      hashdiff

PLATFORMS
  ruby

DEPENDENCIES
  bundler (~> 1.3)
  honest_renter!
  minitest (= 4.3.2)
  rake (~> 10)
  rspec-mocks (~> 3)
  webmock (~> 1.0)

BUNDLED WITH
   1.11.2
